PATH
  remote: .
  specs:
    pdns_tools (0.3.6)
      json (~> 1.8.1)
      mysql2 (~> 0.3.14)

GEM
  remote: https://rubygems.org/
  specs:
    awesome_print (1.2.0)
    diff-lcs (1.2.4)
    json (1.8.1)
    mysql2 (0.3.14)
    rake (10.1.0)
    rdoc (4.0.1)
      json (~> 1.4)
    rspec (2.13.0)
      rspec-core (~> 2.13.0)
      rspec-expectations (~> 2.13.0)
      rspec-mocks (~> 2.13.0)
    rspec-core (2.13.1)
    rspec-expectations (2.13.0)
      diff-lcs (>= 1.1.3, < 2.0)
    rspec-mocks (2.13.1)
    rubygems-tasks (0.2.4)

PLATFORMS
  ruby

DEPENDENCIES
  awesome_print (~> 1.2.0)
  bundler (~> 1.3.5)
  pdns_tools!
  rake (~> 10.1.0)
  rdoc (~> 4.0.1)
  rspec (~> 2.13.0)
  rubygems-tasks (~> 0.2.4)
